PATH
  remote: .
  specs:
    ri_cal (0.8.8)
      tzinfo

GEM
  remote: https://rubygems.org/
  specs:
    ZenTest (4.11.1)
    activesupport (3.0.16)
    awesome_print (1.0.2)
    diff-lcs (1.1.3)
    rake (0.9.2.2)
    rspec (2.11.0)
      rspec-core (~> 2.11.0)
      rspec-expectations (~> 2.11.0)
      rspec-mocks (~> 2.11.0)
    rspec-core (2.11.1)
    rspec-expectations (2.11.2)
      diff-lcs (~> 1.1.3)
    rspec-mocks (2.11.1)
    thread_safe (0.3.5)
    tzinfo (1.2.2)
      thread_safe (~> 0.1)

PLATFORMS
  ruby

DEPENDENCIES
  ZenTest
  activesupport (~> 3.0.15)
  awesome_print
  rake
  ri_cal!
  rspec
